GEM
  remote: http://rubygems.org/
  specs:
    oauth (0.4.3)
    rake (0.8.7)
    rcov (0.9.9)
    rspec (1.3.0)

PLATFORMS
  ruby

DEPENDENCIES
  oauth
  rake
  rcov
  rspec (~> 1.3.0)
